GIT
  remote: git://github.com/getsentry/raven-ruby.git
  revision: 2e077fa2b1c396b8c15d1ef29e3a8b973920d6cd
  specs:
    sentry-raven (0.13.2)
      certifi
      faraday (>= 0.7.6)

GIT
  remote: git://github.com/travis-ci/travis-support.git
  revision: e7f81093f83bd029cca6508739c5720e57e3d571
  specs:
    travis-support (0.0.1)

GEM
  remote: https://rubygems.org/
  specs:
    activesupport (3.2.22)
      i18n (~> 0.6, >= 0.6.4)
      multi_json (~> 1.0)
    addressable (2.3.8)
    atomic (1.1.99)
    avl_tree (1.2.1)
      atomic (~> 1.1)
    celluloid (0.16.0)
      timers (~> 4.0.0)
    certifi (14.5.14)
    connection_pool (2.2.0)
    crack (0.4.2)
      safe_yaml (~> 1.0.0)
    diff-lcs (1.2.5)
    faraday (0.9.1)
      multipart-post (>= 1.2, < 3)
    foreman (0.41.0)
      thor (>= 0.13.6)
    hashr (0.0.22)
    hitimes (1.2.2)
    i18n (0.7.0)
    json (1.8.3)
    kgio (2.9.3)
    metriks (0.9.9.7)
      atomic (~> 1.0)
      avl_tree (~> 1.2.0)
      hitimes (~> 1.1)
    metriks-librato_metrics (1.0.3)
      metriks (>= 0.9.9.6)
    multi_json (1.11.2)
    multipart-post (2.0.0)
    rack (1.6.4)
    rack-protection (1.5.3)
      rack
    rack-test (0.6.3)
      rack (>= 1.0)
    raindrops (0.14.0)
    rake (0.9.2.2)
    redis (3.2.1)
    redis-namespace (1.5.2)
      redis (~> 3.0, >= 3.0.4)
    rspec (3.3.0)
      rspec-core (~> 3.3.0)
      rspec-expectations (~> 3.3.0)
      rspec-mocks (~> 3.3.0)
    rspec-core (3.3.1)
      rspec-support (~> 3.3.0)
    rspec-expectations (3.3.0)
      diff-lcs (>= 1.2.0, < 2.0)
      rspec-support (~> 3.3.0)
    rspec-mocks (3.3.1)
      diff-lcs (>= 1.2.0, < 2.0)
      rspec-support (~> 3.3.0)
    rspec-support (3.3.0)
    safe_yaml (1.0.4)
    sidekiq (3.4.1)
      celluloid (~> 0.16.0)
      connection_pool (>= 2.1.1)
      json
      redis (>= 3.0.6)
      redis-namespace (>= 1.3.1)
    sinatra (1.4.6)
      rack (~> 1.4)
      rack-protection (~> 1.4)
      tilt (>= 1.3, < 3)
    thor (0.19.1)
    tilt (2.0.1)
    timers (4.0.1)
      hitimes
    unicorn (4.6.3)
      kgio (~> 2.6)
      rack
      raindrops (~> 0.7)
    webmock (1.21.0)
      addressable (>= 2.3.6)
      crack (>= 0.3.2)
    yajl-ruby (1.1.0)

PLATFORMS
  ruby

DEPENDENCIES
  activesupport (~> 3.2.13)
  foreman (~> 0.41.0)
  hashr (~> 0.0.19)
  metriks
  metriks-librato_metrics
  multi_json
  rack-test
  rake (~> 0.9.2.2)
  redis
  rspec
  sentry-raven!
  sidekiq
  sinatra (~> 1.4.2)
  travis-support!
  unicorn (~> 4.6.2)
  webmock
  yajl-ruby (~> 1.1.0)

BUNDLED WITH
   1.10.5
